GEM
  remote: http://rubygems.org/
  specs:
    activerecord (2.3.5)
      activesupport (= 2.3.5)
    activesupport (2.3.5)
    daemons (1.1.9)
    diff-lcs (1.2.5)
    eventmachine (1.0.3)
    fuzzyhash (0.0.11)
    i18n (0.6.5)
    padrino (0.9.10)
      padrino-admin (= 0.9.10)
      padrino-core (= 0.9.10)
      padrino-gen (= 0.9.10)
      padrino-helpers (= 0.9.10)
      padrino-mailer (= 0.9.10)
    padrino-admin (0.9.10)
      padrino-core (= 0.9.10)
      padrino-gen (= 0.9.10)
      padrino-helpers (= 0.9.10)
    padrino-core (0.9.10)
      activesupport (= 2.3.5)
      bundler (>= 0.9.7)
      i18n (>= 0.3.2)
      sinatra (>= 1.0.0)
      thor (>= 0.13.0)
      usher (>= 0.6.2)
    padrino-gen (0.9.10)
      padrino-core (= 0.9.10)
    padrino-helpers (0.9.10)
      padrino-core (= 0.9.10)
    padrino-mailer (0.9.10)
      padrino-core (= 0.9.10)
      tmail (>= 1.2)
    pg (0.17.0)
    rack (1.5.2)
    rack-flash (0.1.2)
      rack
    rack-protection (1.5.1)
      rack
    rack-test (0.6.2)
      rack (>= 1.0)
    rake (10.1.0)
    rspec (2.14.1)
      rspec-core (~> 2.14.0)
      rspec-expectations (~> 2.14.0)
      rspec-mocks (~> 2.14.0)
    rspec-core (2.14.7)
    rspec-expectations (2.14.4)
      diff-lcs (>= 1.1.3, < 2.0)
    rspec-mocks (2.14.4)
    sinatra (1.4.4)
      rack (~> 1.4)
      rack-protection (~> 1.4)
      tilt (~> 1.3, >= 1.3.4)
    thin (1.6.1)
      daemons (>= 1.0.9)
      eventmachine (>= 1.0.0)
      rack (>= 1.0.0)
    thor (0.18.1)
    tilt (1.4.1)
    tmail (1.2.7.1)
    usher (0.8.3)
      fuzzyhash (>= 0.0.11)

PLATFORMS
  ruby

DEPENDENCIES
  activerecord
  padrino (= 0.9.10)
  pg
  rack-flash
  rack-test
  rake
  rspec
  thin
